PATH
  remote: .
  specs:
    discrete_event (0.3.0)
      pqueue (~> 1.0.0)

GEM
  remote: http://rubygems.org/
  specs:
    gemma (2.4.0)
      highline (~> 1.6.15)
      minitest (~> 2.12.1)
      rake (~> 0.9.2)
      rdoc (~> 3.12.0)
      yard (~> 0.8.2)
    highline (1.6.15)
    json (1.7.5)
    minitest (2.12.1)
    multi_json (1.3.6)
    pqueue (1.0.0)
    rake (0.9.2.2)
    rdoc (3.12)
      json (~> 1.4)
    simplecov (0.7.1)
      multi_json (~> 1.0)
      simplecov-html (~> 0.7.1)
    simplecov-html (0.7.1)
    yard (0.8.3)

PLATFORMS
  ruby
  x86-mingw32

DEPENDENCIES
  discrete_event!
  gemma (~> 2.4.0)
  simplecov (~> 0.7.1)
