PATH
  remote: .
  specs:
    discrete_event (1.1.0)
      pqueue (~> 2.0.2)

GEM
  remote: http://rubygems.org/
  specs:
    docile (1.1.5)
    gemma (2.4.0)
      highline (~> 1.6.15)
      minitest (~> 2.12.1)
      rake (~> 0.9.2)
      rdoc (~> 3.12.0)
      yard (~> 0.8.2)
    highline (1.6.21)
    json (1.8.6)
    minitest (2.12.1)
    power_assert (0.4.1)
    pqueue (2.0.2)
    rake (0.9.6)
    rdoc (3.12.2)
      json (~> 1.4)
    simplecov (0.14.1)
      docile (~> 1.1.0)
      json (>= 1.8, < 3)
      simplecov-html (~> 0.10.0)
    simplecov-html (0.10.1)
    test-unit (3.2.3)
      power_assert
    yard (0.8.7.6)

PLATFORMS
  ruby
  x86-mingw32

DEPENDENCIES
  discrete_event!
  gemma (~> 2.4.0)
  simplecov
  test-unit

BUNDLED WITH
   1.15.1
