PATH
  remote: .
  specs:
    discrete_event (1.0.0)
      pqueue (~> 1.0.0)

GEM
  remote: http://rubygems.org/
  specs:
    gemma (2.0.0)
      bundler (~> 1.0.18)
      highline (~> 1.6.2)
      minitest (~> 2.5.1)
      rake (~> 0.9.2)
      rdoc (~> 3.9.4)
      yard (~> 0.7.2)
    highline (1.6.2)
    minitest (2.5.1)
    multi_json (1.0.3)
    pqueue (1.0.0)
    rake (0.9.2.2)
    rdoc (3.9.4)
    simplecov (0.5.4)
      multi_json (~> 1.0.3)
      simplecov-html (~> 0.5.3)
    simplecov-html (0.5.3)
    yard (0.7.3)

PLATFORMS
  ruby

DEPENDENCIES
  discrete_event!
  gemma (~> 2.0.0)
  simplecov (~> 0.5.4)
