PATH
  remote: .
  specs:
    discrete_event (0.3.0)
      pqueue (~> 1.0.0)

GEM
  remote: http://rubygems.org/
  specs:
    gemma (2.2.0)
      bundler (~> 1.1.3)
      highline (~> 1.6.11)
      minitest (~> 2.12.1)
      rake (~> 0.9.2)
      rdoc (~> 3.12.0)
      yard (~> 0.8.1)
    highline (1.6.11)
    json (1.7.1)
    minitest (2.12.1)
    multi_json (1.3.4)
    pqueue (1.0.0)
    rake (0.9.2.2)
    rdoc (3.12)
      json (~> 1.4)
    simplecov (0.6.2)
      multi_json (~> 1.3)
      simplecov-html (~> 0.5.3)
    simplecov-html (0.5.3)
    yard (0.8.1)

PLATFORMS
  ruby

DEPENDENCIES
  discrete_event!
  gemma (~> 2.2.0)
  simplecov (~> 0.6.2)
