PATH
  remote: .
  specs:
    discrete_event (1.1.0)
      pqueue (~> 2.0.2)

GEM
  remote: http://rubygems.org/
  specs:
    ast (2.3.0)
    docile (1.1.5)
    gemma (5.0.0)
      highline (>= 1.6.21)
      minitest (>= 5.3.1)
      rake (>= 10.2.2)
      rdoc (>= 4.1.1)
      rubocop (>= 0.42.0)
      yard (>= 0.8.7)
    highline (1.7.8)
    json (2.1.0)
    minitest (5.10.2)
    parallel (1.11.2)
    parser (2.4.0.0)
      ast (~> 2.2)
    power_assert (1.0.2)
    powerpack (0.1.1)
    pqueue (2.0.2)
    rainbow (2.1.0)
    rake (12.0.0)
    rdoc (5.1.0)
    rubocop (0.49.1)
      parallel (~> 1.10)
      parser (>= 2.3.3.1, < 3.0)
      powerpack (~> 0.1)
      rainbow (>= 1.99.1, < 3.0)
      ruby-progressbar (~> 1.7)
      unicode-display_width (~> 1.0, >= 1.0.1)
    ruby-progressbar (1.8.1)
    simplecov (0.14.1)
      docile (~> 1.1.0)
      json (>= 1.8, < 3)
      simplecov-html (~> 0.10.0)
    simplecov-html (0.10.1)
    test-unit (3.2.5)
      power_assert
    unicode-display_width (1.3.0)
    yard (0.9.9)

PLATFORMS
  ruby

DEPENDENCIES
  discrete_event!
  gemma (>= 5)
  rainbow (~> 2.1.0)
  simplecov
  test-unit

BUNDLED WITH
   1.14.4
